GIT
  remote: https://github.com/everypolitician/scraped_page.git
  revision: 82b0ca35d2f7e315a9b0d62c2321ab586bc02bb1
  branch: prototype
  specs:
    scraped_page (0.1.0)
      field_serializer
      nokogiri
      scraped_page_archive (>= 0.5)

GIT
  remote: https://github.com/openaustralia/scraperwiki-ruby.git
  revision: fc50176812505e463077d5c673d504a6a234aa78
  branch: morph_defaults
  specs:
    scraperwiki (3.0.1)
      httpclient
      sqlite_magic

GEM
  remote: https://rubygems.org/
  specs:
    addressable (2.4.0)
    ast (2.3.0)
    coderay (1.1.0)
    colorize (0.7.7)
    crack (0.4.3)
      safe_yaml (~> 1.0.0)
    field_serializer (0.2.0)
    git (1.3.0)
    hashdiff (0.3.0)
    httpclient (2.6.0.1)
    method_source (0.8.2)
    mini_portile2 (2.1.0)
    nokogiri (1.6.8.1)
      mini_portile2 (~> 2.1.0)
    open-uri-cached (0.0.5)
    parser (2.3.1.4)
      ast (~> 2.2)
    powerpack (0.1.1)
    pry (0.10.1)
      coderay (~> 1.1.0)
      method_source (~> 0.8.1)
      slop (~> 3.4)
    rainbow (2.1.0)
    require_all (1.3.3)
    rubocop (0.43.0)
      parser (>= 2.3.1.1, < 3.0)
      powerpack (~> 0.1)
      rainbow (>= 1.99.1, < 3.0)
      ruby-progressbar (~> 1.7)
      unicode-display_width (~> 1.0, >= 1.0.1)
    ruby-progressbar (1.8.1)
    safe_yaml (1.0.4)
    scraped_page_archive (0.5.0)
      git (~> 1.3.0)
      vcr-archive (~> 0.3.0)
    slop (3.6.0)
    sqlite3 (1.3.10)
    sqlite_magic (0.0.3)
      sqlite3
    unicode-display_width (1.1.1)
    vcr (3.0.3)
    vcr-archive (0.3.0)
      vcr (~> 3.0.2)
      webmock (~> 2.0.3)
    webmock (2.0.3)
      addressable (>= 2.3.6)
      crack (>= 0.3.2)
      hashdiff

PLATFORMS
  ruby

DEPENDENCIES
  colorize
  open-uri-cached
  pry
  require_all
  rubocop
  scraped_page!
  scraperwiki!

RUBY VERSION
   ruby 2.3.1p112

BUNDLED WITH
   1.13.6
